GEM
  remote: https://rubygems.org/
  specs:
    bigdecimal (3.3.0)
    diff-lcs (1.6.2)
    google-protobuf (4.32.1)
      bigdecimal
      rake (>= 13)
    google-protobuf (4.32.1-arm64-darwin)
      bigdecimal
      rake (>= 13)
    logger (1.7.0)
    rake (13.3.0)
    rspec (3.13.1)
      rspec-core (~> 3.13.0)
      rspec-expectations (~> 3.13.0)
      rspec-mocks (~> 3.13.0)
    rspec-core (3.13.5)
      rspec-support (~> 3.13.0)
    rspec-expectations (3.13.5)
      diff-lcs (>= 1.2.0, < 2.0)
      rspec-support (~> 3.13.0)
    rspec-mocks (3.13.5)
      diff-lcs (>= 1.2.0, < 2.0)
      rspec-support (~> 3.13.0)
    rspec-support (3.13.6)
    temporalio (1.0.0)
      google-protobuf (>= 3.25.0)
      logger
    temporalio (1.0.0-arm64-darwin)
      google-protobuf (>= 3.25.0)
      logger

PLATFORMS
  arm64-darwin-24
  ruby

DEPENDENCIES
  rspec
  temporalio (= 1.0.0)

BUNDLED WITH
   2.6.2
